GIT
  remote: git@github.com:GoodGuide/ruote
  revision: 86db03ea06c6b6a0b33cb8af765c6bfa315181ab
  specs:
    ruote (2.3.0)
      parslet (>= 1.2.3)
      rufus-cloche (>= 1.0.2)
      rufus-dollar (>= 1.0.4)
      rufus-json (>= 1.0.1)
      rufus-mnemo (>= 1.2.2)
      rufus-scheduler (>= 2.0.16)
      rufus-treechecker (>= 1.0.8)
      sourcify (= 0.5.0)

PATH
  remote: .
  specs:
    arroyo-workflow (0.0.1)
      active_support
      i18n
      ruote
      threadz
      uuidtools

GEM
  remote: http://rubygems.org/
  specs:
    ParseTree (3.0.8)
      RubyInline (>= 3.7.0)
      sexp_processor (>= 3.0.0)
    RubyInline (3.11.0)
      ZenTest (~> 4.3)
    ZenTest (4.6.2)
    active_support (3.0.0)
      activesupport (= 3.0.0)
    activesupport (3.0.0)
    blankslate (2.1.2.4)
    diff-lcs (1.1.3)
    file-tail (1.0.7)
      tins (~> 0.3)
    i18n (0.6.0)
    parslet (1.4.0)
      blankslate (~> 2.0)
    predicated (0.2.6)
    rake (0.9.2.2)
    rr (1.0.4)
    rspec (2.8.0)
      rspec-core (~> 2.8.0)
      rspec-expectations (~> 2.8.0)
      rspec-mocks (~> 2.8.0)
    rspec-core (2.8.0)
    rspec-expectations (2.8.0)
      diff-lcs (~> 1.1.2)
    rspec-mocks (2.8.0)
    ruby2ruby (1.3.1)
      ruby_parser (~> 2.0)
      sexp_processor (~> 3.0)
    ruby_parser (2.0.6)
      sexp_processor (~> 3.0)
    rufus-cloche (1.0.2)
      rufus-json (>= 1.0.1)
    rufus-dollar (1.0.4)
    rufus-json (1.0.2)
    rufus-mnemo (1.2.3)
    rufus-scheduler (2.0.17)
      tzinfo (>= 0.3.23)
    rufus-treechecker (1.0.8)
      ruby_parser (>= 2.0.5)
    sexp_processor (3.0.7)
    sourcify (0.5.0)
      file-tail (>= 1.0.5)
      ruby2ruby (>= 1.2.5)
      ruby_parser (>= 2.0.5)
      sexp_processor (>= 3.0.5)
    threadz (1.0.0)
    tins (0.3.1)
    tzinfo (0.3.33)
    uuidtools (2.1.3)
    wrong (0.6.0)
      ParseTree (~> 3.0)
      diff-lcs (~> 1.1.2)
      file-tail (~> 1.0)
      predicated (>= 0.2.3)
      ruby2ruby (~> 1.2)
      ruby_parser (~> 2.0.4)
      sexp_processor (~> 3.0)
      sourcify (>= 0.3.0)

PLATFORMS
  ruby

DEPENDENCIES
  activesupport
  arroyo-workflow!
  i18n
  rake
  rr
  rspec (~> 2.6)
  ruote!
  threadz
  uuidtools
  wrong
